PATH
  remote: .
  specs:
    spacex_api (0.1.0)
      faraday (~> 1.0)
      faraday_middleware (~> 1.0)

GEM
  remote: https://rubygems.org/
  specs:
    faraday (1.4.1)
      faraday-excon (~> 1.1)
      faraday-net_http (~> 1.0)
      faraday-net_http_persistent (~> 1.1)
      multipart-post (>= 1.2, < 3)
      ruby2_keywords (>= 0.0.4)
    faraday-excon (1.1.0)
    faraday-net_http (1.0.1)
    faraday-net_http_persistent (1.1.0)
    faraday_middleware (1.0.0)
      faraday (~> 1.0)
    minitest (5.14.4)
    multipart-post (2.1.1)
    rake (12.3.3)
    ruby2_keywords (0.0.4)

PLATFORMS
  ruby

DEPENDENCIES
  minitest (~> 5.0)
  rake (~> 12.0)
  spacex_api!

BUNDLED WITH
   2.1.2
